PATH
  remote: .
  specs:
    qcloud-vod-sdk (0.1.1)
      addressable
      httmultiparty
      httparty

GEM
  remote: https://gems.ruby-china.com/
  specs:
    addressable (2.6.0)
      public_suffix (>= 2.0.2, < 4.0)
    httmultiparty (0.3.16)
      httparty (>= 0.7.3)
      mimemagic
      multipart-post
    httparty (0.16.4)
      mime-types (~> 3.0)
      multi_xml (>= 0.5.2)
    mime-types (3.2.2)
      mime-types-data (~> 3.2015)
    mime-types-data (3.2019.0331)
    mimemagic (0.3.3)
    multi_xml (0.6.0)
    multipart-post (2.0.0)
    public_suffix (3.0.3)
    rake (10.5.0)

PLATFORMS
  ruby

DEPENDENCIES
  bundler (~> 2.0)
  qcloud-vod-sdk!
  rake (~> 10.0)

BUNDLED WITH
   2.0.1
