PATH
  remote: .
  specs:
    qcloud-vod-sdk (0.1.1)

GEM
  remote: https://gems.ruby-china.com/
  specs:
    rake (10.5.0)

PLATFORMS
  ruby

DEPENDENCIES
  bundler (~> 2.0)
  qcloud-vod-sdk!
  rake (~> 10.0)

BUNDLED WITH
   2.0.1
